GEM
  remote: http://rubygems.org/
  specs:
    haml (3.1.4)
    json (1.6.3)

PLATFORMS
  ruby

DEPENDENCIES
  haml
  json
